GIT
  remote: git://github.com/isuke/poe_filter_generator.git
  revision: 97bbb85504c2f1b70927499cb0264e06ab7d6a68
  specs:
    poe_filter_generator (0.9.1)
      activesupport (> 3.0)
      thor (~> 0.19)

GEM
  remote: https://rubygems.org/
  specs:
    activesupport (5.0.1)
      concurrent-ruby (~> 1.0, >= 1.0.2)
      i18n (~> 0.7)
      minitest (~> 5.1)
      tzinfo (~> 1.1)
    concurrent-ruby (1.0.4)
    i18n (0.7.0)
    minitest (5.10.1)
    thor (0.19.4)
    thread_safe (0.3.5)
    tzinfo (1.2.2)
      thread_safe (~> 0.1)

PLATFORMS
  ruby

DEPENDENCIES
  poe_filter_generator!

RUBY VERSION
   ruby 2.3.1p112

BUNDLED WITH
   1.12.5
