GIT
  remote: https://github.com/isuke/poe_filter_generator.git
  revision: f0238c40fba7da7e3d46673533cd359977e3b215
  specs:
    poe_filter_generator (0.9.4)
      activesupport (> 3.0)
      thor (~> 0.19)

GEM
  remote: https://rubygems.org/
  specs:
    activesupport (5.1.4)
      concurrent-ruby (~> 1.0, >= 1.0.2)
      i18n (~> 0.7)
      minitest (~> 5.1)
      tzinfo (~> 1.1)
    concurrent-ruby (1.0.5)
    i18n (0.9.0)
      concurrent-ruby (~> 1.0)
    minitest (5.10.3)
    thor (0.20.0)
    thread_safe (0.3.6)
    tzinfo (1.2.4)
      thread_safe (~> 0.1)

PLATFORMS
  ruby

DEPENDENCIES
  poe_filter_generator!

RUBY VERSION
   ruby 2.3.1p112

BUNDLED WITH
   1.14.6
